GEM
  remote: https://rubygems.org/
  specs:
    concurrent-ruby (1.2.2)
    debug (1.8.0)
      irb (>= 1.5.0)
      reline (>= 0.3.1)
    faker (3.2.1)
      i18n (>= 1.8.11, < 2)
    i18n (1.14.1)
      concurrent-ruby (~> 1.0)
    io-console (0.6.0)
    irb (1.8.3)
      rdoc
      reline (>= 0.3.8)
    psych (5.1.1.1)
      stringio
    rdoc (6.5.0)
      psych (>= 4.0.0)
    reline (0.3.9)
      io-console (~> 0.5)
    starkbank (2.11.0)
      starkcore (~> 0.1.0)
    starkbank-ecdsa (2.0.0)
    starkcore (0.1.0)
      starkbank-ecdsa (~> 2.0.0)
    stringio (3.0.8)

PLATFORMS
  x86_64-linux

DEPENDENCIES
  debug (>= 1.0.0)
  faker (~> 3.2)
  starkbank (~> 2.11.0)

BUNDLED WITH
   2.4.10
