GEM
  remote: https://rubygems.org/
  specs:
    concurrent-ruby (1.2.2)
    cpf_cnpj (0.5.0)
    debug (1.8.0)
      irb (>= 1.5.0)
      reline (>= 0.3.1)
    et-orbi (1.2.7)
      tzinfo
    faker (3.2.1)
      i18n (>= 1.8.11, < 2)
    fugit (1.9.0)
      et-orbi (~> 1, >= 1.2.7)
      raabro (~> 1.4)
    i18n (1.14.1)
      concurrent-ruby (~> 1.0)
    io-console (0.6.0)
    irb (1.8.3)
      rdoc
      reline (>= 0.3.8)
    method_source (1.0.0)
    psych (5.1.1.1)
      stringio
    raabro (1.4.0)
    rdoc (6.5.0)
      psych (>= 4.0.0)
    reline (0.3.9)
      io-console (~> 0.5)
    ruby-clock (2.0.1)
      method_source
      rufus-scheduler (~> 3.8)
    rufus-scheduler (3.9.1)
      fugit (~> 1.1, >= 1.1.6)
    starkbank (2.11.0)
      starkcore (~> 0.1.0)
    starkbank-ecdsa (2.0.0)
    starkcore (0.1.0)
      starkbank-ecdsa (~> 2.0.0)
    stringio (3.0.8)
    tzinfo (2.0.6)
      concurrent-ruby (~> 1.0)

PLATFORMS
  x86_64-linux

DEPENDENCIES
  cpf_cnpj (~> 0.5.0)
  debug (>= 1.0.0)
  faker (~> 3.2)
  ruby-clock (~> 2.0, >= 2.0.1)
  starkbank (~> 2.11.0)

BUNDLED WITH
   2.4.10
